PATH
  remote: .
  specs:
    yescode (1.0.0)
      mail (= 2.7.1)
      net-smtp (= 0.3.1)
      rack (= 2.2.3)
      rack_csrf (= 2.6.0)
      sqlite3 (= 1.4.2)

GEM
  remote: https://rubygems.org/
  specs:
    activesupport (7.0.3)
      concurrent-ruby (~> 1.0, >= 1.0.2)
      i18n (>= 1.6, < 2)
      minitest (>= 5.1)
      tzinfo (~> 2.0)
    ast (2.4.2)
    concurrent-ruby (1.1.10)
    digest (3.1.0)
    ffi (1.15.5)
    i18n (1.10.0)
      concurrent-ruby (~> 1.0)
    language_server-protocol (3.16.0.3)
    listen (3.7.1)
      rb-fsevent (~> 0.10, >= 0.10.3)
      rb-inotify (~> 0.9, >= 0.9.10)
    mail (2.7.1)
      mini_mime (>= 0.1.1)
    mini_mime (1.1.2)
    minitest (5.15.0)
    net-protocol (0.1.3)
      timeout
    net-smtp (0.3.1)
      digest
      net-protocol
      timeout
    parallel (1.22.1)
    parser (3.1.2.0)
      ast (~> 2.4.1)
    rack (2.2.3)
    rack_csrf (2.6.0)
      rack (>= 1.1.0)
    rainbow (3.1.1)
    rb-fsevent (0.11.1)
    rb-inotify (0.10.1)
      ffi (~> 1.0)
    rbs (2.4.0)
    sqlite3 (1.4.2)
    steep (0.52.2)
      activesupport (>= 5.1)
      language_server-protocol (>= 3.15, < 4.0)
      listen (~> 3.0)
      parallel (>= 1.0.0)
      parser (>= 3.0)
      rainbow (>= 2.2.2, < 4.0)
      rbs (>= 2.3.2)
      terminal-table (>= 2, < 4)
    terminal-table (3.0.2)
      unicode-display_width (>= 1.1.1, < 3)
    timeout (0.2.0)
    tzinfo (2.0.4)
      concurrent-ruby (~> 1.0)
    unicode-display_width (2.1.0)

PLATFORMS
  x86_64-darwin-21

DEPENDENCIES
  minitest (= 5.15.0)
  rbs (= 2.4.0)
  steep (= 0.52.2)
  yescode!

BUNDLED WITH
   2.3.7
