PATH
  remote: .
  specs:
    yescode (22.05.24)
      mail (= 2.7.1)
      net-smtp (= 0.3.1)
      rack (= 2.2.3)
      sqlite3 (= 1.4.2)

GEM
  remote: https://rubygems.org/
  specs:
    digest (3.1.0)
    mail (2.7.1)
      mini_mime (>= 0.1.1)
    mini_mime (1.1.2)
    minitest (5.15.0)
    net-protocol (0.1.3)
      timeout
    net-smtp (0.3.1)
      digest
      net-protocol
      timeout
    rack (2.2.3)
    sqlite3 (1.4.2)
    timeout (0.3.0)

PLATFORMS
  x86_64-darwin-21

DEPENDENCIES
  minitest (~> 5.14)
  yescode!

BUNDLED WITH
   2.3.8
