GEM
  remote: https://rubygems.org/
  specs:
    acme-client (2.0.10)
      faraday (>= 1.0, < 3.0.0)
      faraday-retry (~> 1.0)
    digest (3.1.0)
    escape_utils (1.2.1)
    ever (0.1)
    extralite (1.14)
    faraday (2.3.0)
      faraday-net_http (~> 2.0)
      ruby2_keywords (>= 0.0.4)
    faraday-net_http (2.0.2)
    faraday-retry (1.0.3)
    h1p (0.5)
    http-2 (0.11.0)
    localhost (1.1.9)
    mail (2.7.1)
      mini_mime (>= 0.1.1)
    mini_mime (1.1.2)
    msgpack (1.4.5)
    net-protocol (0.1.3)
      timeout
    net-smtp (0.3.1)
      digest
      net-protocol
      timeout
    polyphony (0.93)
    qeweney (0.18)
      escape_utils (~> 1.2.1)
    rack (2.2.3)
    rack_csrf (2.6.0)
      rack (>= 1.1.0)
    ruby2_keywords (0.0.5)
    sqlite3 (1.4.2)
    timeout (0.2.0)
    tipi (0.52)
      acme-client (~> 2.0.9)
      ever (~> 0.1)
      extralite (~> 1.14)
      h1p (~> 0.4)
      http-2 (~> 0.11)
      localhost (~> 1.1.4)
      msgpack (~> 1.4.2)
      polyphony (~> 0.80)
      qeweney (~> 0.18)
      rack (>= 2.0.8, < 2.3.0)
      websocket (~> 1.2.8)
    websocket (1.2.9)
    yescode (1.0.0)
      mail (= 2.7.1)
      net-smtp (= 0.3.1)
      rack (= 2.2.3)
      rack_csrf (= 2.6.0)
      sqlite3 (= 1.4.2)

PLATFORMS
  x86_64-darwin-21
  x86_64-linux

DEPENDENCIES
  mail (= 2.7.1)
  net-smtp (= 0.3.1)
  rack (= 2.2.3)
  rack_csrf (= 2.6.0)
  sqlite3 (= 1.4.2)
  tipi (= 0.52)
  yescode (= 1.0.0)

RUBY VERSION
   ruby 3.1.2p20

BUNDLED WITH
   2.3.7
